GEM
  remote: https://rubygems.org/
  specs:
    newrelic_rpm (3.12.0.288)
    rack (1.5.2)
    rack-protection (1.5.3)
      rack
    rmagick (2.13.2)
    sinatra (1.4.5)
      rack (~> 1.4)
      rack-protection (~> 1.4)
      tilt (~> 1.3, >= 1.3.4)
    tilt (1.4.1)

PLATFORMS
  ruby

DEPENDENCIES
  newrelic_rpm
  rmagick
  sinatra
